PATH
  remote: .
  specs:
    jekyll-truty (0.2.0)
      jekyll (~> 3.0)
      kramdown (~> 1.9)
      nokogiri (~> 1.6)
      truty (~> 0.4)

GEM
  remote: https://rubygems.org/
  specs:
    codeclimate-test-reporter (0.4.8)
      simplecov (>= 0.7.1, < 1.0.0)
    colorator (0.1)
    docile (1.1.5)
    ffi (1.9.10)
    htmlentities (4.3.4)
    jekyll (3.0.1)
      colorator (~> 0.1)
      jekyll-sass-converter (~> 1.0)
      jekyll-watch (~> 1.1)
      kramdown (~> 1.3)
      liquid (~> 3.0)
      mercenary (~> 0.3.3)
      rouge (~> 1.7)
      safe_yaml (~> 1.0)
    jekyll-sass-converter (1.3.0)
      sass (~> 3.2)
    jekyll-watch (1.3.0)
      listen (~> 3.0)
    json (1.8.3)
    kramdown (1.9.0)
    liquid (3.0.6)
    listen (3.0.5)
      rb-fsevent (>= 0.9.3)
      rb-inotify (>= 0.9)
    mercenary (0.3.5)
    mini_portile2 (2.0.0)
    nokogiri (1.6.7)
      mini_portile2 (~> 2.0.0.rc2)
    rake (10.4.2)
    rb-fsevent (0.9.6)
    rb-inotify (0.9.5)
      ffi (>= 0.5.0)
    rouge (1.10.1)
    rubygems-tasks (0.2.4)
    safe_yaml (1.0.4)
    sass (3.4.20)
    simplecov (0.11.1)
      docile (~> 1.1.0)
      json (~> 1.8)
      simplecov-html (~> 0.10.0)
    simplecov-html (0.10.0)
    text-hyphen (1.4.1)
    truty (0.4.2)
      htmlentities (~> 4.3)
      text-hyphen (~> 1.4)

PLATFORMS
  ruby

DEPENDENCIES
  codeclimate-test-reporter
  jekyll-truty!
  rake
  rubygems-tasks (~> 0.2)

BUNDLED WITH
   1.10.6
